PATH
  remote: .
  specs:
    gerablog (0.1.0)
      parseconfig (~> 1.0)
      redcarpet (~> 3.3)
      tenjin (~> 0.7)

GEM
  remote: https://rubygems.org/
  specs:
    ansi (1.5.0)
    builder (3.2.3)
    mini_portile2 (2.1.0)
    minitest (5.10.1)
    minitest-reporters (1.1.13)
      ansi
      builder
      minitest (>= 5.0)
      ruby-progressbar
    nokogiri (1.7.0.1)
      mini_portile2 (~> 2.1.0)
    parseconfig (1.0.8)
    rake (0.9.6)
    redcarpet (3.4.0)
    ruby-progressbar (1.8.1)
    tenjin (0.7.1)

PLATFORMS
  ruby

DEPENDENCIES
  gerablog!
  minitest-reporters (~> 1.1)
  nokogiri (~> 1.7)
  rake (~> 0)

BUNDLED WITH
   1.13.6
