PATH
  remote: .
  specs:
    gerablog (0.1.0)
      parseconfig (~> 1.0)
      redcarpet (~> 3.3)
      tenjin (~> 0.7)

GEM
  remote: https://rubygems.org/
  specs:
    ansi (1.5.0)
    ast (2.4.0)
    builder (3.2.3)
    codeclimate-test-reporter (1.0.4)
      simplecov
    docile (1.1.5)
    json (2.1.0)
    mini_portile2 (2.3.0)
    minitest (5.10.1)
    minitest-reporters (1.1.13)
      ansi
      builder
      minitest (>= 5.0)
      ruby-progressbar
    nokogiri (1.8.2)
      mini_portile2 (~> 2.3.0)
    parallel (1.12.1)
    parseconfig (1.0.8)
    parser (2.4.0.2)
      ast (~> 2.3)
    powerpack (0.1.1)
    rainbow (2.2.2)
      rake
    rake (0.9.6)
    redcarpet (3.4.0)
    rubocop (0.49.1)
      parallel (~> 1.10)
      parser (>= 2.3.3.1, < 3.0)
      powerpack (~> 0.1)
      rainbow (>= 1.99.1, < 3.0)
      ruby-progressbar (~> 1.7)
      unicode-display_width (~> 1.0, >= 1.0.1)
    ruby-progressbar (1.8.1)
    simplecov (0.15.1)
      docile (~> 1.1.0)
      json (>= 1.8, < 3)
      simplecov-html (~> 0.10.0)
    simplecov-html (0.10.2)
    tenjin (0.7.1)
    unicode-display_width (1.3.0)

PLATFORMS
  ruby

DEPENDENCIES
  codeclimate-test-reporter (~> 1.0.0)
  gerablog!
  minitest-reporters (~> 1.1)
  nokogiri (~> 1.8.1)
  rake (~> 0)
  rubocop (~> 0.49.0)
  simplecov (~> 0.15.1)

BUNDLED WITH
   1.16.1
